GIT
  remote: https://github.com/lunaisnotaboy/devise.git
  revision: 1caea4f1add65214eeb10bf8b74244b987a3d26a
  specs:
    devise (4.8.0)
      bcrypt (~> 3.0)
      orm_adapter (~> 0.1)
      railties (>= 4.1.0)
      responders
      warden (~> 1.2.3)

GIT
  remote: https://github.com/rails/rails.git
  revision: 4cc69d732e49c2cb2008a84b7dc67a51792bd04d
  branch: main
  specs:
    actioncable (7.0.0.alpha)
      actionpack (= 7.0.0.alpha)
      activesupport (= 7.0.0.alpha)
      nio4r (~> 2.0)
      websocket-driver (>= 0.6.1)
    actionmailbox (7.0.0.alpha)
      actionpack (= 7.0.0.alpha)
      activejob (= 7.0.0.alpha)
      activerecord (= 7.0.0.alpha)
      activestorage (= 7.0.0.alpha)
      activesupport (= 7.0.0.alpha)
      mail (>= 2.7.1)
    actionmailer (7.0.0.alpha)
      actionpack (= 7.0.0.alpha)
      actionview (= 7.0.0.alpha)
      activejob (= 7.0.0.alpha)
      activesupport (= 7.0.0.alpha)
      mail (~> 2.5, >= 2.5.4)
      rails-dom-testing (~> 2.0)
    actionpack (7.0.0.alpha)
      actionview (= 7.0.0.alpha)
      activesupport (= 7.0.0.alpha)
      rack (~> 2.0, >= 2.2.0)
      rack-test (>= 0.6.3)
      rails-dom-testing (~> 2.0)
      rails-html-sanitizer (~> 1.0, >= 1.2.0)
    actiontext (7.0.0.alpha)
      actionpack (= 7.0.0.alpha)
      activerecord (= 7.0.0.alpha)
      activestorage (= 7.0.0.alpha)
      activesupport (= 7.0.0.alpha)
      nokogiri (>= 1.8.5)
    actionview (7.0.0.alpha)
      activesupport (= 7.0.0.alpha)
      builder (~> 3.1)
      erubi (~> 1.4)
      rails-dom-testing (~> 2.0)
      rails-html-sanitizer (~> 1.1, >= 1.2.0)
    activejob (7.0.0.alpha)
      activesupport (= 7.0.0.alpha)
      globalid (>= 0.3.6)
    activemodel (7.0.0.alpha)
      activesupport (= 7.0.0.alpha)
    activerecord (7.0.0.alpha)
      activemodel (= 7.0.0.alpha)
      activesupport (= 7.0.0.alpha)
    activestorage (7.0.0.alpha)
      actionpack (= 7.0.0.alpha)
      activejob (= 7.0.0.alpha)
      activerecord (= 7.0.0.alpha)
      activesupport (= 7.0.0.alpha)
      marcel (~> 1.0.0)
      mini_mime (>= 1.1.0)
    activesupport (7.0.0.alpha)
      concurrent-ruby (~> 1.0, >= 1.0.2)
      i18n (>= 1.6, < 2)
      minitest (>= 5.1)
      tzinfo (~> 2.0)
    rails (7.0.0.alpha)
      actioncable (= 7.0.0.alpha)
      actionmailbox (= 7.0.0.alpha)
      actionmailer (= 7.0.0.alpha)
      actionpack (= 7.0.0.alpha)
      actiontext (= 7.0.0.alpha)
      actionview (= 7.0.0.alpha)
      activejob (= 7.0.0.alpha)
      activemodel (= 7.0.0.alpha)
      activerecord (= 7.0.0.alpha)
      activestorage (= 7.0.0.alpha)
      activesupport (= 7.0.0.alpha)
      bundler (>= 1.15.0)
      railties (= 7.0.0.alpha)
      sprockets-rails (>= 2.0.0)
    railties (7.0.0.alpha)
      actionpack (= 7.0.0.alpha)
      activesupport (= 7.0.0.alpha)
      method_source
      rake (>= 0.13)
      thor (~> 1.0)
      zeitwerk (~> 2.5.0.beta3)

GEM
  remote: https://rubygems.org/
  specs:
    addressable (2.8.0)
      public_suffix (>= 2.0.2, < 5.0)
    annotate (3.1.1)
      activerecord (>= 3.2, < 7.0)
      rake (>= 10.4, < 14.0)
    ast (2.4.2)
    bcrypt (3.1.16)
    bindex (0.8.1)
    bootsnap (1.8.1)
      msgpack (~> 1.0)
    builder (3.2.4)
    byebug (11.1.3)
    capybara (3.35.3)
      addressable
      mini_mime (>= 0.1.3)
      nokogiri (~> 1.8)
      rack (>= 1.6.0)
      rack-test (>= 0.6.3)
      regexp_parser (>= 1.5, < 3.0)
      xpath (~> 3.2)
    childprocess (3.0.0)
    concurrent-ruby (1.1.9)
    content_disposition (1.0.0)
    crass (1.0.6)
    down (5.2.3)
      addressable (~> 2.8)
    erubi (1.10.0)
    execjs (2.8.1)
    ffi (1.15.4)
    globalid (0.5.2)
      activesupport (>= 5.0)
    i18n (1.8.10)
      concurrent-ruby (~> 1.0)
    image_processing (1.12.1)
      mini_magick (>= 4.9.5, < 5)
      ruby-vips (>= 2.0.17, < 3)
    jsbundling-rails (0.1.4)
      rails (>= 6.0.0)
    loofah (2.12.0)
      crass (~> 1.0.2)
      nokogiri (>= 1.5.9)
    mail (2.7.1)
      mini_mime (>= 0.1.1)
    marcel (1.0.1)
    method_source (1.0.0)
    mini_magick (4.11.0)
    mini_mime (1.1.1)
    minitest (5.14.4)
    msgpack (1.4.2)
    nio4r (2.5.8)
    nokogiri (1.12.4-x86_64-linux)
      racc (~> 1.4)
    orm_adapter (0.5.0)
    parallel (1.20.1)
    parser (3.0.2.0)
      ast (~> 2.4.1)
    pg (1.2.3)
    public_suffix (4.0.6)
    puma (5.4.0)
      nio4r (~> 2.0)
    racc (1.5.2)
    rack (2.2.3)
    rack-test (1.1.0)
      rack (>= 1.0, < 3)
    rails-dom-testing (2.0.3)
      activesupport (>= 4.2.0)
      nokogiri (>= 1.6)
    rails-html-sanitizer (1.4.2)
      loofah (~> 2.3)
    rainbow (3.0.0)
    rake (13.0.6)
    redis (4.4.0)
    regexp_parser (2.1.1)
    responders (3.0.1)
      actionpack (>= 5.0)
      railties (>= 5.0)
    rexml (3.2.5)
    rubocop (1.20.0)
      parallel (~> 1.10)
      parser (>= 3.0.0.0)
      rainbow (>= 2.2.2, < 4.0)
      regexp_parser (>= 1.8, < 3.0)
      rexml
      rubocop-ast (>= 1.9.1, < 2.0)
      ruby-progressbar (~> 1.7)
      unicode-display_width (>= 1.4.0, < 3.0)
    rubocop-ast (1.11.0)
      parser (>= 3.0.1.1)
    rubocop-rails (2.12.2)
      activesupport (>= 4.2.0)
      rack (>= 1.1)
      rubocop (>= 1.7.0, < 2.0)
    ruby-progressbar (1.11.0)
    ruby-vips (2.1.3)
      ffi (~> 1.12)
    rubyzip (2.3.2)
    sassc (2.4.0)
      ffi (~> 1.9)
    sassc-rails (2.1.2)
      railties (>= 4.0.0)
      sassc (>= 2.0)
      sprockets (> 3.0)
      sprockets-rails
      tilt
    selenium-webdriver (3.142.7)
      childprocess (>= 0.5, < 4.0)
      rubyzip (>= 1.2.2)
    shrine (3.4.0)
      content_disposition (~> 1.0)
      down (~> 5.1)
    spring (3.0.0)
    sprockets (4.0.2)
      concurrent-ruby (~> 1.0)
      rack (> 1, < 3)
    sprockets-rails (3.2.2)
      actionpack (>= 4.0)
      activesupport (>= 4.0)
      sprockets (>= 3.0.0)
    stimulus-rails (0.5.1)
      rails (>= 6.0.0)
    terser (1.1.5)
      execjs (>= 0.3.0, < 3)
    thor (1.1.0)
    tilt (2.0.10)
    turbo-rails (0.7.11)
      rails (>= 6.0.0)
    tzinfo (2.0.4)
      concurrent-ruby (~> 1.0)
    unicode-display_width (2.0.0)
    view_component (2.40.0)
      activesupport (>= 5.0.0, < 8.0)
      method_source (~> 1.0)
    warden (1.2.9)
      rack (>= 2.0.9)
    web-console (4.1.0)
      actionview (>= 6.0.0)
      activemodel (>= 6.0.0)
      bindex (>= 0.4.0)
      railties (>= 6.0.0)
    webdrivers (4.6.1)
      nokogiri (~> 1.6)
      rubyzip (>= 1.3.0)
      selenium-webdriver (>= 3.0, < 4.0)
    websocket-driver (0.7.5)
      websocket-extensions (>= 0.1.0)
    websocket-extensions (0.1.5)
    xpath (3.2.0)
      nokogiri (~> 1.8)
    zeitwerk (2.5.0.beta3)

PLATFORMS
  x86_64-linux

DEPENDENCIES
  annotate (~> 3.1, >= 3.1.1)
  bcrypt (~> 3.1, >= 3.1.16)
  bootsnap (~> 1.8, >= 1.8.1)
  byebug (~> 11.1, >= 11.1.3)
  capybara (~> 3.35, >= 3.35.3)
  devise!
  image_processing (~> 1.12, >= 1.12.1)
  jsbundling-rails (~> 0.1.4)
  pg (~> 1.2, >= 1.2.3)
  puma (~> 5.4)
  rails!
  redis (~> 4.4)
  rubocop (~> 1.20)
  rubocop-rails (~> 2.12, >= 2.12.2)
  sassc-rails (~> 2.1, >= 2.1.2)
  selenium-webdriver (~> 3.142, >= 3.142.7)
  shrine (~> 3.4)
  spring (~> 3.0)
  stimulus-rails (~> 0.5.1)
  terser (~> 1.1, >= 1.1.5)
  turbo-rails (~> 0.7.11)
  tzinfo-data
  view_component (~> 2.40)
  web-console (~> 4.1)
  webdrivers (~> 4.6, >= 4.6.1)

RUBY VERSION
   ruby 2.7.3p183

BUNDLED WITH
   2.2.26
